GEM
  remote: https://rubygems.org/
  specs:
    airbrussh (1.4.0)
      sshkit (>= 1.6.1, != 1.7.0)
    bcrypt_pbkdf (1.1.0)
    capistrano (3.17.0)
      airbrussh (>= 1.0.0)
      i18n
      rake (>= 10.0.0)
      sshkit (>= 1.9.0)
    capistrano-composer (0.0.6)
      capistrano (>= 3.0.0.pre)
    capistrano-file-permissions (1.0.0)
      capistrano (~> 3.0)
    capistrano-nvm (0.0.7)
      capistrano (~> 3.1)
    capistrano-symfony (2.0.0)
      capistrano (~> 3.1)
      capistrano-composer (~> 0.0.3)
      capistrano-file-permissions (~> 1.0)
    concurrent-ruby (1.1.10)
    ed25519 (1.3.0)
    i18n (1.10.0)
      concurrent-ruby (~> 1.0)
    net-scp (1.2.1)
      net-ssh (>= 2.6.5)
    net-ssh (7.0.1)
    rake (13.0.6)
    sshkit (1.21.2)
      net-scp (>= 1.1.2)
      net-ssh (>= 2.8.0)

PLATFORMS
  universal-darwin-20
  x86_64-linux

DEPENDENCIES
  bcrypt_pbkdf
  capistrano
  capistrano-composer
  capistrano-file-permissions
  capistrano-nvm
  capistrano-symfony
  ed25519
  net-ssh (= 7.0.1)

BUNDLED WITH
   2.2.5
